GEM
  remote: https://rubygems.org/
  specs:
    os (1.1.1)

PLATFORMS
  x86_64-linux

DEPENDENCIES
  os

BUNDLED WITH
   2.2.26
